GIT
  remote: https://github.com/liqites/useragents-rb
  revision: 017584c295d4d4f578d141a295dcbd3b1d7d6bce
  specs:
    useragents (0.1.6)
      nokogiri

GEM
  remote: https://rubygems.org/
  specs:
    mustermann (1.1.1)
      ruby2_keywords (~> 0.0.1)
    nio4r (2.5.8)
    nokogiri (1.13.6-x86_64-darwin)
      racc (~> 1.4)
    puma (5.5.2)
      nio4r (~> 2.0)
    racc (1.6.0)
    rack (2.2.3.1)
    rack-protection (2.2.0)
      rack
    rexml (3.2.5)
    rss (0.2.9)
      rexml
    ruby2_keywords (0.0.5)
    sinatra (2.2.0)
      mustermann (~> 1.0)
      rack (~> 2.2)
      rack-protection (= 2.2.0)
      tilt (~> 2.0)
    tilt (2.0.10)

PLATFORMS
  x86_64-darwin-21

DEPENDENCIES
  puma
  rss
  sinatra
  useragents!

BUNDLED WITH
   2.2.32
